GIT
  remote: http://github.com/shanna/swift
  revision: e791fbfb728da467d63fa94d238621b5b666151d
  ref: e791fbfb728da467d63fa94d238621b5b666151d
  specs:
    swift (0.9.1)

GEM
  remote: http://rubygems.org/
  specs:
    haml (3.0.25)
    kgio (2.3.3)
    rack (1.2.2)
    sinatra (1.2.1)
      rack (~> 1.1)
      tilt (>= 1.2.2, < 2.0)
    tilt (1.2.2)
    unicorn (3.5.0)
      kgio (~> 2.3)
      rack

PLATFORMS
  ruby

DEPENDENCIES
  haml
  rack
  sinatra
  swift!
  unicorn
